GEM
  remote: https://rubygems.org/
  specs:
    facter (2.5.1)
    fast_gettext (1.1.2)
    hiera (3.4.5)
    locale (2.1.2)
    multi_json (1.13.1)
    puppet (5.5.6)
      facter (> 2.0.1, < 4)
      fast_gettext (~> 1.1.2)
      hiera (>= 3.2.1, < 4)
      locale (~> 2.1)
      multi_json (~> 1.10)
    puppet-lint (2.3.6)

PLATFORMS
  ruby

DEPENDENCIES
  puppet
  puppet-lint

BUNDLED WITH
   1.16.5
